GEM
  remote: http://rubygems.org/
  specs:
    coderay (1.1.1)
    crack (0.4.3)
      safe_yaml (~> 1.0.0)
    daemons (1.2.4)
    eventmachine (1.2.3)
    haml (4.0.7)
      tilt
    json (2.0.3)
    method_source (0.8.2)
    newrelic_rpm (3.18.1.330)
    pg (0.20.0)
    pry (0.10.4)
      coderay (~> 1.1.0)
      method_source (~> 0.8.1)
      slop (~> 3.4)
    rack (1.6.5)
    rack-protection (1.5.3)
      rack
    safe_yaml (1.0.4)
    sequel (3.48.0)
    sinatra (1.4.8)
      rack (~> 1.5)
      rack-protection (~> 1.4)
      tilt (>= 1.3, < 3)
    sinatra-sequel (0.9.0)
      sequel (>= 3.2.0)
      sinatra (>= 0.9.4)
    slop (3.6.0)
    sqlite3 (1.3.13)
    thin (1.7.0)
      daemons (~> 1.0, >= 1.0.9)
      eventmachine (~> 1.0, >= 1.0.4)
      rack (>= 1, < 3)
    tilt (2.0.6)

PLATFORMS
  ruby

DEPENDENCIES
  crack
  haml
  json
  newrelic_rpm
  pg
  pry
  sequel (~> 3.44)
  sinatra
  sinatra-sequel
  sqlite3
  thin

BUNDLED WITH
   1.14.6
