GEM
  remote: http://rubygems.org/
  specs:
    coderay (1.0.8)
    crack (0.3.1)
    daemons (1.1.8)
    eventmachine (0.12.10)
    json (1.7.7)
    method_source (0.8.1)
    newrelic_rpm (3.5.8.72)
    pg (0.14.1)
    pry (0.9.10)
      coderay (~> 1.0.5)
      method_source (~> 0.8)
      slop (~> 3.3.1)
    rack (1.4.1)
    rack-protection (1.2.0)
      rack
    sequel (3.33.0)
    sinatra (1.3.2)
      rack (~> 1.3, >= 1.3.6)
      rack-protection (~> 1.2)
      tilt (~> 1.3, >= 1.3.3)
    sinatra-sequel (0.9.0)
      sequel (>= 3.2.0)
      sinatra (>= 0.9.4)
    slop (3.3.3)
    sqlite3 (1.3.7)
    thin (1.3.1)
      daemons (>= 1.0.9)
      eventmachine (>= 0.12.6)
      rack (>= 1.0.0)
    tilt (1.3.3)

PLATFORMS
  ruby

DEPENDENCIES
  crack
  json
  newrelic_rpm
  pg
  pry
  sinatra
  sinatra-sequel
  sqlite3
  thin
